{
    "Manufacturer": "Bruker BioSpin MRI GmbH",
    "ManufacturersModelName": "BAP141/11",
    "DeviceSerialNumber": 446011,
    "StationName": "BAP141/11",
    "SoftwareVersion": "PV-360.3.3",
    "MagneticFieldStrength": 13.95371311286227,
    "ReceiveCoilName": "Generic Transceiver 1H",
    "ReceiveCoilActiveElements": "SURFACE_COIL",
    "GradientSetType": "ACQ_status",
    "MRTransmitCoilSequence": {
        "Name": "Generic Transceiver 1H",
        "Manufacture": "unknown",
        "Type": "SURFACE_COIL"
    },
    "CoilConfigName": "ACQ_coil_config_file",
    "MatrixCoilMode": "SingleExperiment",
    "CoilCombinationMethod": "Value was not specified",
    "PulseSequenceType": "FLASH.ppg",
    "ScanningSequence": "Bruker:FLASH",
    "SequenceVariant": "GradientEcho",
    "ScanOptions": {
        "RG": "No",
        "CG": "No",
        "PFF": 1.5,
        "PFP": 1,
        "FC": "FlowNone",
        "SP": "On",
        "FP": "FatSuppression"
    },
    "SequenceName": "T1_FLASH",
    "PulseSequenceDetails": "T1_FLASH (E16)",
    "NonlinearGradientCorrection": "RectilinearTraversal",
    "NumberShots": 1,
    "ParallelReductionFactorInPlane": 1,
    "ParallelAcquisitionTechnique": "Value was not specified",
    "PartialFourier": 1,
    "PartialFourierDirection": "Value was not specified",
    "PhaseEncodingDirection": "j",
    "EffectiveEchoSpacing": 2.5199999999999993e-05,
    "TotalReadoutTime": 0.0018143999999999994,
    "EchoTime": 0.00275,
    "InversionTime": "VisuAcqInversionTime",
    "SliceTiming": [
        0.0,
        0.06944444444444445,
        0.1388888888888889,
        0.20833333333333334,
        0.2777777777777778,
        0.3472222222222222,
        0.4166666666666667,
        0.48611111111111116,
        0.5555555555555556,
        0.625,
        0.6944444444444444,
        0.763888888888889,
        0.8333333333333334,
        0.9027777777777778,
        0.9722222222222223,
        1.0416666666666667,
        1.1111111111111112,
        1.1805555555555556,
        0.034722222222222224,
        0.10416666666666667,
        0.1736111111111111,
        0.24305555555555558,
        0.3125,
        0.3819444444444445,
        0.4513888888888889,
        0.5208333333333334,
        0.5902777777777778,
        0.6597222222222222,
        0.7291666666666667,
        0.7986111111111112,
        0.8680555555555556,
        0.9375,
        1.0069444444444444,
        1.0763888888888888,
        1.1458333333333335,
        1.215277777777778
    ],
    "SliceEncodingDirection": "k",
    "DwellTime": 0.0018143999999999994,
    "FlipAngle": 90,
    "MultibandAccerlationFactor": "Value was not specified",
    "AnatomicalLandmarkCoordinates": "Value was not specified",
    "InstitutionName": "Partners Healthcare System",
    "InstitutionAddress": "Value was not specified",
    "InstitutionalDepartmentName": "Value was not specified"
}